GIT
  remote: https://github.com/cloudfoundry-incubator/buildpack-packager
  revision: 1dcb43b064f2499652b021ffe5a32713cf93d79e
  specs:
    buildpack-packager (2.3.8)
      activesupport (~> 4.1)
      kwalify (~> 0)
      terminal-table (~> 1.4)

GEM
  specs:
    activesupport (4.2.7.1)
      i18n (~> 0.7)
      json (~> 1.7, >= 1.7.7)
      minitest (~> 5.1)
      thread_safe (~> 0.3, >= 0.3.4)
      tzinfo (~> 1.1)
    i18n (0.7.0)
    json (1.8.1)
    kwalify (0.7.2)
    minitest (5.4.3)
    terminal-table (1.8.0)
      unicode-display_width (~> 1.1, >= 1.1.1)
    thread_safe (0.3.5)
    tzinfo (1.2.2)
      thread_safe (~> 0.1)
    unicode-display_width (1.2.1)

PLATFORMS
  ruby

DEPENDENCIES
  buildpack-packager!

BUNDLED WITH
   1.15.0
